GEM
  remote: http://rubygems.org/
  specs:
    addressable (2.2.6)
    autoparse (0.2.3)
      addressable (~> 2.2.2)
      extlib (>= 0.9.15)
      json (>= 1.4.6)
    extlib (0.9.15)
    google-api-client (0.3.0)
      addressable (~> 2.2.2)
      autoparse (~> 0.2.0)
      extlib (>= 0.9.15)
      httpadapter (~> 1.0.1)
      json (>= 1.4.6)
      launchy (>= 2.0.0)
      signet (~> 0.2.2)
    httpadapter (1.0.1)
      addressable (~> 2.2.0)
    json (1.6.4)
    jwt (0.1.4)
      json (>= 1.2.4)
    launchy (2.0.5)
      addressable (~> 2.2.6)
    nokogiri (1.5.0)
    signet (0.2.4)
      addressable (~> 2.2.1)
      httpadapter (~> 1.0.0)
      json (>= 1.4.6)
      jwt (>= 0.1.4)

PLATFORMS
  ruby

DEPENDENCIES
  google-api-client
  nokogiri
